GEM
  remote: http://rubygems.org/
  specs:
    bubble-wrap (1.1.2)
    rake (0.9.2.2)
    teacup (0.3.2)
      rake

PLATFORMS
  ruby

DEPENDENCIES
  bubble-wrap
  rake
  teacup
