GEM
  remote: http://rubygems.org/
  specs:
    rake (0.9.2.2)
    teacup (0.3.8)
      rake

PLATFORMS
  ruby

DEPENDENCIES
  rake
  teacup
