GEM
  remote: http://rubygems.org/
  specs:
    rake (12.3.3)
    teacup (0.3.8)
      rake

PLATFORMS
  ruby

DEPENDENCIES
  rake
  teacup
